GEM
  remote: http://rubygems.org/
  specs:
    activemodel (4.2.6)
      activesupport (= 4.2.6)
      builder (~> 3.1)
    activesupport (4.2.6)
      i18n (~> 0.7)
      json (~> 1.7, >= 1.7.7)
      minitest (~> 5.1)
      thread_safe (~> 0.3, >= 0.3.4)
      tzinfo (~> 1.1)
    bson (4.1.1)
    builder (3.2.2)
    i18n (0.7.0)
    json (1.8.3)
    minitest (5.9.0)
    mongo (2.2.5)
      bson (~> 4.0)
    mongoid (5.1.3)
      activemodel (~> 4.0)
      mongo (~> 2.1)
      origin (~> 2.2)
      tzinfo (>= 0.3.37)
    origin (2.2.0)
    power_assert (0.3.0)
    rack (1.6.4)
    rack-protection (1.5.3)
      rack
    rack-test (0.6.3)
      rack (>= 1.0)
    shotgun (0.9.1)
      rack (>= 1.0)
    sinatra (1.4.7)
      rack (~> 1.5)
      rack-protection (~> 1.4)
      tilt (>= 1.3, < 3)
    test-unit (3.2.0)
      power_assert
    thread_safe (0.3.5)
    tilt (2.0.5)
    tzinfo (1.2.2)
      thread_safe (~> 0.1)

PLATFORMS
  ruby

DEPENDENCIES
  json
  mongoid (~> 5.1, >= 5.1.3)
  rack
  rack-protection
  rack-test (~> 0.6.3)
  shotgun
  sinatra (~> 1.4, >= 1.4.7)
  test-unit (~> 3.2)

BUNDLED WITH
   1.12.5
