GEM
  remote: http://rubygems.org/
  specs:
    json (1.8.3)
    power_assert (0.3.0)
    rack (1.6.4)
    rack-protection (1.5.3)
      rack
    rack-test (0.6.3)
      rack (>= 1.0)
    shotgun (0.9.1)
      rack (>= 1.0)
    sinatra (1.4.7)
      rack (~> 1.5)
      rack-protection (~> 1.4)
      tilt (>= 1.3, < 3)
    test-unit (3.2.0)
      power_assert
    tilt (2.0.5)

PLATFORMS
  ruby

DEPENDENCIES
  json
  rack
  rack-protection
  rack-test (~> 0.6.3)
  shotgun
  sinatra (~> 1.4, >= 1.4.7)
  test-unit (~> 3.2)

BUNDLED WITH
   1.12.5
